GEM
  remote: http://rubygems.org/
  specs:
    aruba (0.4.6)
      bcat (>= 0.6.1)
      childprocess (>= 0.2.0)
      cucumber (>= 1.0.2)
      rdiscount (>= 1.6.8)
      rspec (>= 2.6.0)
    bcat (0.6.2)
      rack (~> 1.0)
    builder (3.2.2)
    childprocess (0.5.8)
      ffi (~> 1.0, >= 1.0.11)
    coderay (1.1.0)
    cucumber (2.1.0)
      builder (>= 2.1.2)
      cucumber-core (~> 1.3.0)
      diff-lcs (>= 1.1.3)
      gherkin3 (~> 3.1.0)
      multi_json (>= 1.7.5, < 2.0)
      multi_test (>= 0.1.2)
    cucumber-core (1.3.0)
      gherkin3 (~> 3.1.0)
    diff-lcs (1.1.3)
    docile (1.1.5)
    ffi (1.9.10)
    gherkin3 (3.1.2)
    git (1.2.5)
    jeweler (1.6.2)
      bundler (~> 1.0)
      git (>= 1.2.5)
      rake
    method_source (0.8.2)
    multi_json (1.11.2)
    multi_test (0.1.2)
    pry (0.10.2)
      coderay (~> 1.1.0)
      method_source (~> 0.8.1)
      slop (~> 3.4)
    rack (1.6.4)
    rake (0.9.2)
    rdiscount (2.1.8)
    rspec (2.6.0)
      rspec-core (~> 2.6.0)
      rspec-expectations (~> 2.6.0)
      rspec-mocks (~> 2.6.0)
    rspec-core (2.6.4)
    rspec-expectations (2.6.0)
      diff-lcs (~> 1.1.2)
    rspec-mocks (2.6.0)
    ruby2ruby (1.2.5)
      ruby_parser (~> 2.0)
      sexp_processor (~> 3.0)
    ruby_parser (2.0.6)
      sexp_processor (~> 3.0)
    sexp_processor (3.0.5)
    simplecov (0.9.2)
      docile (~> 1.1.0)
      multi_json (~> 1.0)
      simplecov-html (~> 0.9.0)
    simplecov-html (0.9.0)
    slop (3.6.0)
    sorcerer (1.0.2)

PLATFORMS
  ruby

DEPENDENCIES
  aruba (~> 0.4.5)
  jeweler (~> 1.6.2)
  pry (~> 0.10.2)
  rspec (~> 2.6.0)
  ruby2ruby (~> 1.2.5)
  ruby_parser (~> 2.0.6)
  simplecov
  sorcerer (~> 1.0.2)

BUNDLED WITH
   1.10.4
